GEM
  remote: https://rubygems.org/
  specs:
    diff-lcs (1.2.5)
    file_utils (1.0.7)
    gemcutter (0.7.1)
    gemspec_deps_gen (1.1.2)
      bundler
      file_utils
    highline (1.6.21)
    json_pure (1.8.1)
    metaclass (0.0.4)
    mocha (1.0.0)
      metaclass (~> 0.0.1)
    net-ssh (2.9.0)
    rspec (2.14.1)
      rspec-core (~> 2.14.0)
      rspec-expectations (~> 2.14.0)
      rspec-mocks (~> 2.14.0)
    rspec-core (2.14.8)
    rspec-expectations (2.14.5)
      diff-lcs (>= 1.1.3, < 2.0)
    rspec-mocks (2.14.6)
    ruby-oci8 (2.1.7)
    script_executor (1.3.8)
      highline (~> 1.6)
      net-ssh (~> 2.8)
      text-interpolator (~> 1.0)
    text-interpolator (1.1.1)
    thor (0.19.1)

PLATFORMS
  ruby

DEPENDENCIES
  gemcutter (~> 0.7)
  gemspec_deps_gen (~> 1.1)
  json_pure
  mocha
  rspec
  ruby-oci8 (= 2.1.7)
  script_executor (~> 1.3)
  text-interpolator (~> 1.0)
  thor (~> 0.19)
